GEM
  remote: https://rubygems.org/
  specs:
    activesupport (4.2.5.1)
      i18n (~> 0.7)
      json (~> 1.7, >= 1.7.7)
      minitest (~> 5.1)
      thread_safe (~> 0.3, >= 0.3.4)
      tzinfo (~> 1.1)
    addressable (2.4.0)
    cookiejar (0.3.0)
    curb (0.9.1)
    em-http-request (1.1.3)
      addressable (>= 2.3.4)
      cookiejar (<= 0.3.0)
      em-socksify (>= 0.3)
      eventmachine (>= 1.0.3)
      http_parser.rb (>= 0.6.0)
    em-socksify (0.3.1)
      eventmachine (>= 1.0.0.beta.4)
    eventmachine (1.0.9.1)
    http_parser.rb (0.6.0)
    i18n (0.7.0)
    json (1.8.3)
    minitest (5.8.4)
    pg (0.18.4)
    rack (1.6.13)
    rack-protection (1.5.3)
      rack
    redis (3.2.2)
    sequel (4.31.0)
    sinatra (1.4.7)
      rack (~> 1.5)
      rack-protection (~> 1.4)
      tilt (>= 1.3, < 3)
    thread_safe (0.3.5)
    tilt (2.0.2)
    tzinfo (1.2.2)
      thread_safe (~> 0.1)

PLATFORMS
  ruby

DEPENDENCIES
  activesupport
  curb
  em-http-request
  pg
  redis
  sequel
  sinatra

RUBY VERSION
   ruby 2.3.6p384

BUNDLED WITH
   1.16.1
